FRAMEWORK: NET462
NUGET
  remote: https://www.nuget.org/api/v2
    Castle.Core (4.0)
    CommonServiceLocator (1.3)
    Moq (4.7)
      Castle.Core (>= 4.0)
    NUnit (3.6.1)
    Unity (4.0.1)
      CommonServiceLocator (>= 1.3)
